GIT
  remote: git://github.com/rspec/rspec-core.git
  revision: 41caa12a7aaffdc2395cda142c549ed241542608
  branch: master
  specs:
    rspec-core (3.6.0.beta2)
      rspec-support (= 3.6.0.beta2)

GIT
  remote: git://github.com/rspec/rspec-expectations.git
  revision: 0ad53b7b0a6e34b1d20f64b1c6588a26648cf6ed
  branch: master
  specs:
    rspec-expectations (3.6.0.beta2)
      diff-lcs (>= 1.2.0, < 2.0)
      rspec-support (= 3.6.0.beta2)

GIT
  remote: git://github.com/rspec/rspec-mocks.git
  revision: 46458294380a6762de8a0788aa00f07ca7605db2
  branch: master
  specs:
    rspec-mocks (3.6.0.beta2)
      diff-lcs (>= 1.2.0, < 2.0)
      rspec-support (= 3.6.0.beta2)

GIT
  remote: git://github.com/rspec/rspec-support.git
  revision: 8f4f477890a4f5e8bbe16bb0427756e340d8cccc
  branch: master
  specs:
    rspec-support (3.6.0.beta2)

GIT
  remote: git://github.com/rspec/rspec.git
  revision: e18a2560dbe1ed4ea442ccc325dcc1456114f6ec
  branch: master
  specs:
    rspec (3.6.0.beta2)
      rspec-core (= 3.6.0.beta2)
      rspec-expectations (= 3.6.0.beta2)
      rspec-mocks (= 3.6.0.beta2)

GEM
  remote: https://rubygems.org/
  specs:
    ast (2.3.0)
    diff-lcs (1.3)
    i18n (0.8.1)
    money (6.9.0)
      i18n (>= 0.6.4, < 0.9)
    parser (2.4.0.0)
      ast (~> 2.2)
    powerpack (0.1.1)
    rack (2.0.1)
    rainbow (2.2.2)
      rake
    rake (12.0.0)
    rspec-its (1.2.0)
      rspec-core (>= 3.0.0)
      rspec-expectations (>= 3.0.0)
    rubocop (0.48.1)
      parser (>= 2.3.3.1, < 3.0)
      powerpack (~> 0.1)
      rainbow (>= 1.99.1, < 3.0)
      ruby-progressbar (~> 1.7)
      unicode-display_width (~> 1.0, >= 1.0.1)
    ruby-progressbar (1.8.1)
    unicode-display_width (1.2.1)

PLATFORMS
  ruby

DEPENDENCIES
  bundler
  money (~> 6.9)
  rack
  rspec!
  rspec-core!
  rspec-expectations!
  rspec-its (~> 1.2)
  rspec-mocks!
  rspec-support!
  rubocop

RUBY VERSION
   ruby 2.3.3p222

BUNDLED WITH
   1.14.4
